GEM
  remote: http://rubygems.org/
  remote: http://gems.github.com/
  specs:
    chronic (0.3.0)
    diff-lcs (1.1.2)
    json (1.4.6)
    rack (1.2.1)
    redis (2.0.13)
    rspec (2.0.0)
      rspec-core (= 2.0.0)
      rspec-expectations (= 2.0.0)
      rspec-mocks (= 2.0.0)
    rspec-core (2.0.0)
    rspec-expectations (2.0.0)
      diff-lcs (>= 1.1.2)
    rspec-mocks (2.0.0)
      rspec-core (= 2.0.0)
      rspec-expectations (= 2.0.0)
    sinatra (1.1.0)
      rack (~> 1.1)
      tilt (~> 1.1)
    tilt (1.1)

PLATFORMS
  ruby

DEPENDENCIES
  chronic (~> 0.3.0)
  json
  redis (>= 2.0.0)
  rspec (~> 2.0)
  sinatra (~> 1.0)
